GEM
  remote: https://rubygems.org/
  specs:
    concurrent-ruby (1.3.5)
    wayback_machine_downloader_straw (2.4.0)
      concurrent-ruby (~> 1.3, >= 1.3.4)

PLATFORMS
  ruby
  x86_64-linux

DEPENDENCIES
  wayback_machine_downloader_straw

BUNDLED WITH
   2.7.1
